PATH
  remote: .
  specs:
    linux_stat (1.2.2)

GEM
  remote: https://rubygems.org/
  specs:
    rake (13.0.3)

PLATFORMS
  ruby

DEPENDENCIES
  linux_stat!
  rake (>= 12.0)

BUNDLED WITH
   2.1.4
