PATH
  remote: .
  specs:
    linux_stat (2.2.1)

GEM
  remote: https://rubygems.org/
  specs:
    rake (13.0.3)

PLATFORMS
  ruby

DEPENDENCIES
  linux_stat!
  rake

BUNDLED WITH
   2.1.4
